GEM
  remote: https://rubygems.org/
  specs:
    builder (3.2.2)
    childprocess (0.5.9)
      ffi (~> 1.0, >= 1.0.11)
    cucumber (2.3.3)
      builder (>= 2.1.2)
      cucumber-core (~> 1.4.0)
      cucumber-wire (~> 0.0.1)
      diff-lcs (>= 1.1.3)
      gherkin (~> 3.2.0)
      multi_json (>= 1.7.5, < 2.0)
      multi_test (>= 0.1.2)
    cucumber-core (1.4.0)
      gherkin (~> 3.2.0)
    cucumber-wire (0.0.1)
    diff-lcs (1.2.5)
    ffi (1.9.10)
    gherkin (3.2.0)
    multi_json (1.11.2)
    multi_test (0.1.2)
    rubyzip (1.2.0)
    selenium-webdriver (2.53.0)
      childprocess (~> 0.5)
      rubyzip (~> 1.0)
      websocket (~> 1.0)
    websocket (1.2.2)

PLATFORMS
  ruby

DEPENDENCIES
  cucumber
  selenium-webdriver

BUNDLED WITH
   1.11.2
